GEM
  remote: https://rubygems.org/
  specs:
    addressable (2.8.6)
      public_suffix (>= 2.0.2, < 6.0)
    hashie (5.0.0)
    nokogiri (1.12.5-java)
      racc (~> 1.4)
    omniauth (1.9.2)
      hashie (>= 3.4.6)
      rack (>= 1.6.2, < 3)
    omniauth-cas (2.0.0)
      addressable (~> 2.3)
      nokogiri (~> 1.5)
      omniauth (~> 1.2)
    omniauth-saml (1.10.3)
      omniauth (~> 1.3, >= 1.3.2)
      ruby-saml (~> 1.9)
    public_suffix (4.0.7)
    racc (1.7.3-java)
    rack (2.2.9)
    rexml (3.2.5)
      strscan (>= 3.0.9)
    ruby-saml (1.14.0)
      nokogiri (>= 1.10.5)
      rexml
    strscan (3.1.0-java)

PLATFORMS
  java

DEPENDENCIES
  addressable (~> 2.8)
  omniauth (~> 1.7, >= 1.7.1)
  omniauth-cas (~> 2.0)
  omniauth-saml (~> 1.8, >= 1.8.1)
  racc (>= 1.5, < 1.8)

BUNDLED WITH
   2.1.4
